GEM
  remote: https://rubygems.org/
  specs:
    bitclust-core (0.8.0)
      progressbar
      rack
    bitclust-dev (0.8.0)
      bitclust-core (= 0.8.0)
    celluloid (0.16.0)
      timers (~> 4.0.0)
    coderay (1.1.0)
    diff-lcs (1.2.5)
    erubis (2.7.0)
    ffi (1.9.6)
    formatador (0.2.5)
    gem-browse (1.0.0)
    gem-ctags (1.0.6)
    guard (2.10.5)
      formatador (>= 0.2.4)
      listen (~> 2.7)
      lumberjack (~> 1.0)
      nenv (~> 0.1)
      pry (>= 0.9.12)
      thor (>= 0.18.1)
    guard-bundler (2.1.0)
      bundler (~> 1.0)
      guard (~> 2.2)
      guard-compat (~> 1.1)
    guard-compat (1.2.0)
    guard-rspec (4.5.0)
      guard (~> 2.1)
      guard-compat (~> 1.1)
      rspec (>= 2.99.0, < 4.0)
    hitimes (1.2.2)
    listen (2.8.4)
      celluloid (>= 0.15.2)
      rb-fsevent (>= 0.9.3)
      rb-inotify (>= 0.9)
    lumberjack (1.0.9)
    method_source (0.8.2)
    nenv (0.1.1)
    progressbar (0.21.0)
    pry (0.10.1)
      coderay (~> 1.1.0)
      method_source (~> 0.8.1)
      slop (~> 3.4)
    rack (1.5.2)
    rb-fsevent (0.9.4)
    rb-inotify (0.9.5)
      ffi (>= 0.5.0)
    refe2 (0.8.0)
      bitclust-core (= 0.8.0)
    rspec (3.1.0)
      rspec-core (~> 3.1.0)
      rspec-expectations (~> 3.1.0)
      rspec-mocks (~> 3.1.0)
    rspec-core (3.1.7)
      rspec-support (~> 3.1.0)
    rspec-expectations (3.1.2)
      diff-lcs (>= 1.2.0, < 2.0)
      rspec-support (~> 3.1.0)
    rspec-mocks (3.1.3)
      rspec-support (~> 3.1.0)
    rspec-support (3.1.2)
    slop (3.6.0)
    spring (1.2.0)
    spring-commands-rspec (1.0.4)
      spring (>= 0.9.1)
    terminal-notifier-guard (1.6.4)
    thor (0.19.1)
    timers (4.0.1)
      hitimes
    tmuxinator (0.6.9)
      erubis (~> 2.6)
      thor (~> 0.19, >= 0.15.0)

PLATFORMS
  ruby

DEPENDENCIES
  bitclust-core
  bitclust-dev
  gem-browse
  gem-ctags
  guard
  guard-bundler
  guard-rspec
  rb-fsevent
  refe2
  spring
  spring-commands-rspec
  terminal-notifier-guard
  tmuxinator
