GEM
  remote: https://rubygems.org/
  specs:
    bitclust-core (0.8.0)
      progressbar
      rack
    bitclust-dev (0.8.0)
      bitclust-core (= 0.8.0)
    erubis (2.7.0)
    gem-browse (1.0.0)
    gem-ctags (1.0.6)
    progressbar (0.21.0)
    rack (1.5.2)
    refe2 (0.8.0)
      bitclust-core (= 0.8.0)
    thor (0.19.1)
    tmuxinator (0.6.9)
      erubis (~> 2.6)
      thor (~> 0.19, >= 0.15.0)

PLATFORMS
  ruby

DEPENDENCIES
  bitclust-core
  bitclust-dev
  gem-browse
  gem-ctags
  refe2
  tmuxinator
