GEM
  remote: https://rubygems.org/
  specs:
    erubis (2.7.0)
    thor (0.19.1)
    tmuxinator (0.6.8)
      erubis
      thor (>= 0.18.0)

PLATFORMS
  ruby

DEPENDENCIES
  tmuxinator
